PATH
  remote: .
  specs:
    railsqs (1.0.0)
      bitters (~> 0.10.0)
      bundler (~> 1.3)
      rails (= 1.0.0)

GEM
  remote: https://rubygems.org/
  specs:
    actionmailer (1.1.5)
      actionpack (= 1.11.2)
    actionpack (1.11.2)
      activesupport (= 1.2.5)
    actionwebservice (1.0.0)
      actionpack (= 1.11.2)
      activerecord (= 1.13.2)
    activerecord (1.13.2)
      activesupport (= 1.2.5)
    activesupport (1.2.5)
    bitters (0.10.1)
      bourbon (>= 3.2)
      sass (>= 3.2)
      thor
    bourbon (7.0.0)
      thor (~> 1.0)
    ffi (1.15.0)
    rails (1.0.0)
      actionmailer (= 1.1.5)
      actionpack (= 1.11.2)
      actionwebservice (= 1.0.0)
      activerecord (= 1.13.2)
      activesupport (= 1.2.5)
      rake (>= 0.6.2)
    rake (13.0.3)
    rb-fsevent (0.10.4)
    rb-inotify (0.10.1)
      ffi (~> 1.0)
    sass (3.7.4)
      sass-listen (~> 4.0.0)
    sass-listen (4.0.0)
      rb-fsevent (~> 0.9, >= 0.9.4)
      rb-inotify (~> 0.9, >= 0.9.7)
    thor (1.1.0)

PLATFORMS
  ruby

DEPENDENCIES
  railsqs!
